GEM
  remote: http://rubygems.org/
  specs:
    actionmailer (2.3.8)
      actionpack (= 2.3.8)
    actionpack (2.3.8)
      activesupport (= 2.3.8)
      rack (~> 1.1.0)
    activerecord (2.3.8)
      activesupport (= 2.3.8)
    activeresource (2.3.8)
      activesupport (= 2.3.8)
    activesupport (2.3.8)
    authlogic (2.1.6)
      activesupport
    calendar_date_select (1.15)
    configuration (1.1.0)
    diff-lcs (1.1.2)
    factory_girl (1.3.0)
    haml (3.0.23)
    heroku (1.12.2)
      json_pure (>= 1.2.0, < 1.5.0)
      launchy (~> 0.3.2)
      rest-client (>= 1.4.0, < 1.7.0)
    json_pure (1.4.6)
    launchy (0.3.7)
      configuration (>= 0.0.5)
      rake (>= 0.8.1)
    mime-types (1.16)
    nifty-generators (0.3.2)
    nokogiri (1.4.3.1)
    pg (0.9.0)
    rack (1.1.0)
    rack-test (0.5.6)
      rack (>= 1.0)
    rails (2.3.8)
      actionmailer (= 2.3.8)
      actionpack (= 2.3.8)
      activerecord (= 2.3.8)
      activeresource (= 2.3.8)
      activesupport (= 2.3.8)
      rake (>= 0.8.3)
    rake (0.8.7)
    rest-client (1.6.1)
      mime-types (>= 1.16)
    rspec (2.1.0)
      rspec-core (~> 2.1.0)
      rspec-expectations (~> 2.1.0)
      rspec-mocks (~> 2.1.0)
    rspec-core (2.1.0)
    rspec-expectations (2.1.0)
      diff-lcs (~> 1.1.2)
    rspec-mocks (2.1.0)
    rspec-rails (1.3.2)
      rack (>= 1.0.0)
      rspec (>= 1.3.0)
    sqlite3-ruby (1.3.2)
    webrat (0.7.2)
      nokogiri (>= 1.2.0)
      rack (>= 1.0)
      rack-test (>= 0.5.3)

PLATFORMS
  ruby

DEPENDENCIES
  authlogic (= 2.1.6)
  bundler (= 1.0.5)
  calendar_date_select (= 1.15)
  factory_girl (= 1.3.0)
  haml (= 3.0.23)
  heroku (= 1.12.2)
  nifty-generators (= 0.3.2)
  pg
  rails (= 2.3.8)
  rspec (= 2.1.0)
  rspec-core (= 2.1.0)
  rspec-expectations (= 2.1.0)
  rspec-mocks (= 2.1.0)
  rspec-rails (= 1.3.2)
  sqlite3-ruby
  webrat
