GEM
  remote: http://rubygems.org/
  specs:
    actionmailer (2.3.8)
      actionpack (= 2.3.8)
    actionpack (2.3.8)
      activesupport (= 2.3.8)
      rack (~> 1.1.0)
    activerecord (2.3.8)
      activesupport (= 2.3.8)
    activeresource (2.3.8)
      activesupport (= 2.3.8)
    activesupport (2.3.8)
    acts-as-taggable-on (2.0.6)
    authlogic (2.1.6)
      activesupport
    cancan (1.6.2)
    fastercsv (1.5.4)
    haml (3.0.24)
    hoe (2.9.4)
      rake (>= 0.8.7)
    rack (1.1.2)
    rails (2.3.8)
      actionmailer (= 2.3.8)
      actionpack (= 2.3.8)
      activerecord (= 2.3.8)
      activeresource (= 2.3.8)
      activesupport (= 2.3.8)
      rake (>= 0.8.3)
    rake (0.8.7)
    searchlogic (2.4.28)
      activerecord (>= 2.0.0)
    sqlite3 (1.3.3)
    sqlite3-ruby (1.3.3)
      sqlite3 (>= 1.3.3)
    test-unit (1.2.3)
      hoe (>= 1.5.1)
    will_paginate (2.3.15)

PLATFORMS
  ruby

DEPENDENCIES
  acts-as-taggable-on (= 2.0.6)
  authlogic (= 2.1.6)
  cancan (= 1.6.2)
  fastercsv (= 1.5.4)
  haml (= 3.0.24)
  rails (= 2.3.8)
  searchlogic
  sqlite3-ruby
  test-unit
  will_paginate (= 2.3.15)
